GEM
  remote: https://rubygems.org/
  specs:
    albacore (0.3.6)
      rubyzip (< 1.0.0)
    configatron (3.1.3)
    rubyzip (0.9.9)

PLATFORMS
  x64-mingw32

DEPENDENCIES
  albacore
  configatron
